GEM
  remote: https://rubygems.org/
  specs:
    json (1.8.1)
    serialport (1.3.0)
    zmq (2.1.4)

PLATFORMS
  ruby

DEPENDENCIES
  json
  serialport
  zmq
